PATH
  remote: .
  specs:
    coffee-script-source (2.5.1)

GEM
  remote: https://rubygems.org/
  specs:
    rake (10.5.0)

PLATFORMS
  ruby

DEPENDENCIES
  bundler
  coffee-script-source!
  rake (~> 10.0)

BUNDLED WITH
   2.1.4
